GEM
  remote: http://rubygems.org/
  specs:
    growl (1.0.3)
    guard (0.8.8)
      thor (~> 0.14.6)
    guard-test (0.4.1)
      guard (>= 0.4)
      test-unit (~> 2.2)
    rb-fsevent (0.4.3.1)
    test-unit (2.4.0)
    thor (0.14.6)

PLATFORMS
  ruby

DEPENDENCIES
  growl
  guard
  guard-test
  rb-fsevent
